GEM
  remote: https://rubygems.org/
  specs:
    cairo (1.12.6)
      pkg-config
    minitest (5.0.2)
    pkg-config (1.1.4)
    rack (1.5.2)
    rack-protection (1.5.0)
      rack
    rake (10.0.4)
    sinatra (1.4.2)
      rack (~> 1.5, >= 1.5.2)
      rack-protection (~> 1.4)
      tilt (~> 1.3, >= 1.3.4)
    tilt (1.4.1)

PLATFORMS
  ruby

DEPENDENCIES
  cairo
  minitest
  rake
  sinatra
