PATH
  remote: .
  specs:
    cubeseer (0.0.1)
      quick_magick

GEM
  remote: https://rubygems.org/
  specs:
    minitest (5.0.4)
    quick_magick (0.8.0)
    rack (1.5.2)
    rack-protection (1.5.0)
      rack
    rake (10.0.4)
    sinatra (1.4.3)
      rack (~> 1.4)
      rack-protection (~> 1.4)
      tilt (~> 1.3, >= 1.3.4)
    tilt (1.4.1)

PLATFORMS
  ruby

DEPENDENCIES
  cubeseer!
  minitest
  rake
  sinatra
